GEM
  remote: https://rubygems.org/
  specs:
    eventmachine (1.2.0.1)
    json (1.8.3)
    websocket (1.2.3)
    websocket-eventmachine-base (1.2.0)
      eventmachine (~> 1.0)
      websocket (~> 1.0)
      websocket-native (~> 1.0)
    websocket-eventmachine-server (1.0.1)
      websocket-eventmachine-base (~> 1.0)
    websocket-native (1.0.0)

PLATFORMS
  ruby

DEPENDENCIES
  json
  websocket
  websocket-eventmachine-server

BUNDLED WITH
   1.12.3
